PATH
  remote: .
  specs:
    clinch-talent (0.2.4)
      json_api_client (~> 1.16.1)

GEM
  remote: https://rubygems.org/
  specs:
    activemodel (7.0.3.1)
      activesupport (= 7.0.3.1)
    activesupport (7.0.3.1)
      concurrent-ruby (~> 1.0, >= 1.0.2)
      i18n (>= 1.6, < 2)
      minitest (>= 5.1)
      tzinfo (~> 2.0)
    addressable (2.8.0)
      public_suffix (>= 2.0.2, < 5.0)
    concurrent-ruby (1.1.10)
    crack (0.4.3)
      safe_yaml (~> 1.0.0)
    faraday (0.17.5)
      multipart-post (>= 1.2, < 3)
    faraday_middleware (0.14.0)
      faraday (>= 0.7.4, < 1.0)
    hashdiff (1.0.1)
    i18n (1.12.0)
      concurrent-ruby (~> 1.0)
    json_api_client (1.16.1)
      activemodel (>= 3.2.0)
      activesupport (>= 3.2.0)
      addressable (~> 2.2)
      faraday (~> 0.15, >= 0.15.2)
      faraday_middleware (~> 0.9)
      rack (>= 0.2)
    minitest (5.16.2)
    mocha (1.11.2)
    multipart-post (2.2.3)
    public_suffix (4.0.7)
    rack (2.2.4)
    rake (13.0.1)
    safe_yaml (1.0.5)
    tzinfo (2.0.5)
      concurrent-ruby (~> 1.0)
    webmock (3.8.3)
      addressable (>= 2.3.6)
      crack (>= 0.3.2)
      hashdiff (>= 0.4.0, < 2.0.0)

PLATFORMS
  ruby

DEPENDENCIES
  clinch-talent!
  mocha (~> 1.11.2)
  rake
  webmock (~> 3.8.3)

BUNDLED WITH
   1.17.3
